GEM
  remote: http://rubygems.org/
  specs:
    chingu (0.9rc9)
      gosu (>= 0.7.45)
      gosu (>= 0.7.45)
    clipboard (0.9.9)
    ffi (1.0.11)
    fidgit (0.2.5)
      chingu (~> 0.9rc7)
      clipboard (~> 0.9.9)
      ffi (~> 1.0.11)
      gosu (~> 0.7.41)
    gosu (0.7.49)

PLATFORMS
  ruby

DEPENDENCIES
  chingu
  fidgit
